PATH
  remote: ../..
  specs:
    snowpacker (0.0.4.alpha1)
      rack-proxy (~> 0.6.4)

GEM
  specs:
    rack (2.2.3)
    rack-proxy (0.6.5)
      rack

PLATFORMS
  ruby

DEPENDENCIES
  snowpacker!

BUNDLED WITH
   2.1.4
